PATH
  remote: .
  specs:
    talktome (2.0.4)
      finitio (>= 0.10.0, < 0.12.0)
      mail (~> 2, >= 2.7.1)
      mustache (~> 1)
      path (>= 2.0)
      puma (>= 5.5)
      rack-robustness (~> 1.1)
      redcarpet (~> 3)
      sinatra (>= 2.1, < 3.0)

GEM
  remote: https://rubygems.org/
  specs:
    citrus (3.0.2)
    date (3.3.3)
    diff-lcs (1.5.0)
    finitio (0.11.4)
      citrus (>= 3.0, < 4.0)
    mail (2.8.1)
      mini_mime (>= 0.1.1)
      net-imap
      net-pop
      net-smtp
    mini_mime (1.1.2)
    mustache (1.1.1)
    mustermann (2.0.2)
      ruby2_keywords (~> 0.0.1)
    net-imap (0.3.4)
      date
      net-protocol
    net-pop (0.1.2)
      net-protocol
    net-protocol (0.2.1)
      timeout
    net-smtp (0.3.3)
      net-protocol
    nio4r (2.5.8)
    path (2.0.1)
    puma (6.0.2)
      nio4r (~> 2.0)
    rack (2.2.6.2)
    rack-protection (2.2.4)
      rack
    rack-robustness (1.1.0)
    rack-test (0.6.3)
      rack (>= 1.0)
    rake (13.0.6)
    redcarpet (3.6.0)
    rspec (3.12.0)
      rspec-core (~> 3.12.0)
      rspec-expectations (~> 3.12.0)
      rspec-mocks (~> 3.12.0)
    rspec-core (3.12.1)
      rspec-support (~> 3.12.0)
    rspec-expectations (3.12.2)
      diff-lcs (>= 1.2.0, < 2.0)
      rspec-support (~> 3.12.0)
    rspec-mocks (3.12.3)
      diff-lcs (>= 1.2.0, < 2.0)
      rspec-support (~> 3.12.0)
    rspec-support (3.12.0)
    ruby2_keywords (0.0.5)
    sinatra (2.2.4)
      mustermann (~> 2.0)
      rack (~> 2.2)
      rack-protection (= 2.2.4)
      tilt (~> 2.0)
    tilt (2.0.11)
    timeout (0.3.1)

PLATFORMS
  x86_64-linux

DEPENDENCIES
  rack-test (= 0.6.3)
  rake (~> 13)
  rspec (~> 3.10)
  talktome!

BUNDLED WITH
   2.2.16
